GEM
  remote: https://rubygems.org/
  specs:
    gemoji (4.1.0)

PLATFORMS
  ruby

DEPENDENCIES
  gemoji (= 4.1.0)

BUNDLED WITH
   2.4.10
