GEM
  remote: https://rubygems.org/
  specs:
    gemoji (4.0.1)

PLATFORMS
  ruby

DEPENDENCIES
  gemoji (= 4.0.1)

BUNDLED WITH
   2.1.2
